GIT
  remote: https://github.com/manuelmeurer/baseline.git
  revision: a8c5b42fa69997f4a0497fab4b61bea6c8e94d67
  specs:
    baseline (1.0.0)
      zeitwerk

GEM
  remote: https://rubygems.org/
  specs:
    activesupport (8.0.2.1)
      base64
      benchmark (>= 0.3)
      bigdecimal
      concurrent-ruby (~> 1.0, >= 1.3.1)
      connection_pool (>= 2.2.5)
      drb
      i18n (>= 1.6, < 2)
      logger (>= 1.4.2)
      minitest (>= 5.1)
      securerandom (>= 0.3)
      tzinfo (~> 2.0, >= 2.0.5)
      uri (>= 0.13.1)
    base64 (0.3.0)
    benchmark (0.4.1)
    bigdecimal (3.2.3)
    concurrent-ruby (1.3.5)
    connection_pool (2.5.4)
    date (3.4.1)
    drb (2.2.3)
    erb (5.1.1)
    i18n (1.14.7)
      concurrent-ruby (~> 1.0)
    logger (1.7.0)
    minitest (5.25.5)
    psych (5.2.6)
      date
      stringio
    rdoc (6.15.0)
      erb
      psych (>= 4.0.0)
      tsort
    rorvswild_theme_rdoc (0.3.0)
    sdoc (2.6.5)
      rdoc (>= 5.0)
    securerandom (0.4.1)
    sentry-ruby (5.27.0)
      bigdecimal
      concurrent-ruby (~> 1.0, >= 1.0.2)
    stringio (3.1.7)
    thor (1.4.0)
    tsort (0.2.0)
    tzinfo (2.0.6)
      concurrent-ruby (~> 1.0)
    uri (1.0.3)
    zeitwerk (2.7.3)

PLATFORMS
  aarch64-linux-gnu
  aarch64-linux-musl
  arm-linux-gnu
  arm-linux-musl
  arm64-darwin
  ruby
  x86-linux-gnu
  x86-linux-musl
  x86_64-darwin
  x86_64-linux-gnu
  x86_64-linux-musl

DEPENDENCIES
  activesupport (~> 8.0)
  baseline!
  rdoc (~> 6.15)
  rorvswild_theme_rdoc (~> 0.3)
  sdoc (~> 2.6)
  sentry-ruby (~> 5.19)
  thor (~> 1.3)

CHECKSUMS
  activesupport (8.0.2.1) sha256=0405a76fd1ca989975d9ae00d46a4d3979bdf3817482d846b63affa84bd561c6
  base64 (0.3.0) sha256=27337aeabad6ffae05c265c450490628ef3ebd4b67be58257393227588f5a97b
  baseline (1.0.0)
  benchmark (0.4.1) sha256=d4ef40037bba27f03b28013e219b950b82bace296549ec15a78016552f8d2cce
  bigdecimal (3.2.3) sha256=ffd11d1ac67a0d3b2f44aec0a6487210b3f813f363dd11f1fcccf5ba00da4e1b
  concurrent-ruby (1.3.5) sha256=813b3e37aca6df2a21a3b9f1d497f8cbab24a2b94cab325bffe65ee0f6cbebc6
  connection_pool (2.5.4) sha256=e9e1922327416091f3f6542f5f4446c2a20745276b9aa796dd0bb2fd0ea1e70a
  date (3.4.1) sha256=bf268e14ef7158009bfeaec40b5fa3c7271906e88b196d958a89d4b408abe64f
  drb (2.2.3) sha256=0b00d6fdb50995fe4a45dea13663493c841112e4068656854646f418fda13373
  erb (5.1.1) sha256=b2c26e7924551d9efbae998e17ddbef220937b6422b1d2ec7ae71417b5a1f4ec
  i18n (1.14.7) sha256=ceba573f8138ff2c0915427f1fc5bdf4aa3ab8ae88c8ce255eb3ecf0a11a5d0f
  logger (1.7.0) sha256=196edec7cc44b66cfb40f9755ce11b392f21f7967696af15d274dde7edff0203
  minitest (5.25.5) sha256=391b6c6cb43a4802bfb7c93af1ebe2ac66a210293f4a3fb7db36f2fc7dc2c756
  psych (5.2.6) sha256=814328aa5dcb6d604d32126a20bc1cbcf05521a5b49dbb1a8b30a07e580f316e
  rdoc (6.15.0) sha256=0f0e68864969e77c2acd4063a9585baa5216d362701d827a93feaa9cbae78b05
  rorvswild_theme_rdoc (0.3.0) sha256=b24e7a9c827187f2de57cd700201375c9e9ac147efd7654e371d3b0723a08ae2
  sdoc (2.6.5) sha256=7998b61c10775ee3179ccb0253774332d139e2c0649c251091f5868107a09b86
  securerandom (0.4.1) sha256=cc5193d414a4341b6e225f0cb4446aceca8e50d5e1888743fac16987638ea0b1
  sentry-ruby (5.27.0) sha256=82e4006d65ee8936dbfed765bd507e87f53873136a573784a41253f683014ea7
  stringio (3.1.7) sha256=5b78b7cb242a315fb4fca61a8255d62ec438f58da2b90be66048546ade4507fa
  thor (1.4.0) sha256=8763e822ccb0f1d7bee88cde131b19a65606657b847cc7b7b4b82e772bcd8a3d
  tsort (0.2.0) sha256=9650a793f6859a43b6641671278f79cfead60ac714148aabe4e3f0060480089f
  tzinfo (2.0.6) sha256=8daf828cc77bcf7d63b0e3bdb6caa47e2272dcfaf4fbfe46f8c3a9df087a829b
  uri (1.0.3) sha256=e9f2244608eea2f7bc357d954c65c910ce0399ca5e18a7a29207ac22d8767011
  zeitwerk (2.7.3) sha256=b2e86b4a9b57d26ba68a15230dcc7fe6f040f06831ce64417b0621ad96ba3e85

RUBY VERSION
   ruby 3.4.2p28

BUNDLED WITH
   2.7.2
